GEM
  remote: https://rubygems.org/
  specs:
    cairo (1.17.5)
      native-package-installer (>= 1.0.3)
      pkg-config (>= 1.2.2)
      red-colors
    cairo-gobject (3.5.1)
      cairo (>= 1.16.2)
      glib2 (= 3.5.1)
    execjs (2.8.1)
    ffi (1.15.5)
    fiddle (1.1.0)
    gdk_pixbuf2 (3.5.1)
      gio2 (= 3.5.1)
    get_process_mem (0.2.7)
      ffi (~> 1.0)
    gio2 (3.5.1)
      fiddle
      gobject-introspection (= 3.5.1)
    glib2 (3.5.1)
      native-package-installer (>= 1.0.3)
      pkg-config (>= 1.3.5)
    gobject-introspection (3.5.1)
      glib2 (= 3.5.1)
    kgio (2.11.4)
    matrix (0.4.2)
    mustermann (1.1.1)
      ruby2_keywords (~> 0.0.1)
    native-package-installer (1.1.4)
    optimist (3.0.1)
    parslet (2.0.0)
    pkg-config (1.4.7)
    rack (2.2.3)
    rack-protection (2.2.0)
      rack
    raindrops (0.20.0)
    rake (13.0.6)
    red-colors (0.3.0)
      matrix
    redcarpet (3.5.1)
    rmagick (4.2.5)
    rsvg2 (3.5.1)
      cairo-gobject (= 3.5.1)
      gdk_pixbuf2 (= 3.5.1)
    rsyntaxtree (1.0.6)
      optimist (~> 3.0, >= 3.0.1)
      parslet
      rmagick (~> 4.2, >= 4.2.3)
      rsvg2
    ruby2_keywords (0.0.5)
    sinatra (2.2.0)
      mustermann (~> 1.0)
      rack (~> 2.2)
      rack-protection (= 2.2.0)
      tilt (~> 2.0)
    tilt (2.0.10)
    uglifier (4.2.0)
      execjs (>= 0.3.0, < 3)
    unicorn (6.1.0)
      kgio (~> 2.6)
      raindrops (~> 0.7)
    unicorn-worker-killer (0.4.5)
      get_process_mem (~> 0)
      unicorn (>= 4, < 7)

PLATFORMS
  x86_64-linux

DEPENDENCIES
  optimist
  parslet
  rake
  redcarpet
  rmagick
  rsyntaxtree (>= 1.0.0)
  sinatra
  uglifier
  unicorn
  unicorn-worker-killer

BUNDLED WITH
   2.3.3
